PATH
  remote: .
  specs:
    maiden (0.1.1)

GEM
  remote: https://rubygems.org/
  specs:
    rake (13.1.0)

PLATFORMS
  ruby
  x86_64-linux

DEPENDENCIES
  maiden!
  rake (~> 13.0)

BUNDLED WITH
   2.5.4
